GEM
  remote: https://rubygems.org/
  specs:
    activemodel (5.1.7)
      activesupport (= 5.1.7)
    activerecord (5.1.7)
      activemodel (= 5.1.7)
      activesupport (= 5.1.7)
      arel (~> 8.0)
    activesupport (5.1.7)
      concurrent-ruby (~> 1.0, >= 1.0.2)
      i18n (>= 0.7, < 2)
      minitest (~> 5.1)
      tzinfo (~> 1.1)
    addressable (2.7.0)
      public_suffix (>= 2.0.2, < 5.0)
    arel (8.0.0)
    backports (3.16.1)
    chunky_png (1.3.11)
    coderay (1.1.2)
    concurrent-ruby (1.1.6)
    djinni (2.2.5)
      fagin (~> 1.2, >= 1.2.2)
    fagin (1.2.2)
    hilighter (1.5.9)
    i18n (1.8.2)
      concurrent-ruby (~> 1.0)
    json (2.3.0)
    jsoncfg (1.2.11)
    jwt (2.2.1)
    kgio (2.11.3)
    method_source (0.9.2)
    minitest (5.14.0)
    multi_json (1.14.1)
    mustermann (1.1.1)
      ruby2_keywords (~> 0.0.1)
    os (1.0.1)
    pbkdf2-ruby (0.2.1)
    pry (0.12.2)
      coderay (~> 1.1.0)
      method_source (~> 0.9.0)
    public_suffix (4.0.3)
    rack (2.1.4)
    rack-protection (2.0.8.1)
      rack
    rack-test (1.1.0)
      rack (>= 1.0, < 3)
    raindrops (0.19.1)
    rake (13.0.1)
    rotp (5.1.0)
      addressable (~> 2.5)
    rqrcode (1.1.2)
      chunky_png (~> 1.0)
      rqrcode_core (~> 0.1)
    rqrcode_core (0.1.1)
    rubeepass (3.4.9)
      djinni (~> 2.2, >= 2.2.5)
      hilighter (~> 1.5, >= 1.5.1)
      jsoncfg (~> 1.2, >= 1.2.11)
      os (~> 1.0, >= 1.0.1)
      salsa20 (~> 0.1, >= 0.1.3)
      scoobydoo (~> 1.0, >= 1.0.1)
      twofish (~> 1.0, >= 1.0.8)
    ruby2_keywords (0.0.2)
    salsa20 (0.1.3)
    scoobydoo (1.0.1)
    sinatra (2.0.8.1)
      mustermann (~> 1.0)
      rack (~> 2.0)
      rack-protection (= 2.0.8.1)
      tilt (~> 2.0)
    sinatra-activerecord (2.0.14)
      activerecord (>= 3.2)
      sinatra (>= 1.0)
    sinatra-contrib (2.0.8.1)
      backports (>= 2.8.2)
      multi_json
      mustermann (~> 1.0)
      rack-protection (= 2.0.8.1)
      sinatra (= 2.0.8.1)
      tilt (~> 2.0)
    sqlite3 (1.4.2)
    thread_safe (0.3.6)
    tilt (2.0.10)
    twofish (1.0.8)
    tzinfo (1.2.6)
      thread_safe (~> 0.1)
    unicorn (5.5.3)
      kgio (~> 2.6)
      raindrops (~> 0.7)

PLATFORMS
  ruby

DEPENDENCIES
  activerecord (~> 5.1.0)
  json
  jwt
  minitest
  pbkdf2-ruby
  pry
  rack (~> 2.1.4)
  rack-test
  rake
  rotp
  rqrcode
  rubeepass (~> 3.3)
  sinatra (~> 2.0.0)
  sinatra-activerecord (~> 2.0.0)
  sinatra-contrib (~> 2.0.0)
  sqlite3
  unicorn

RUBY VERSION
   ruby 2.4.2p198

BUNDLED WITH
   1.17.2
